GIT
  remote: https://github.com/chef/chef_secrets
  revision: 2875f29d82c528edd89cb614955e214f3aa4be0c
  specs:
    veil (0.3.3)
      bcrypt (~> 3.1)
      pbkdf2

GEM
  remote: http://rubygems.org/
  specs:
    bcrypt (3.1.13)
    pbkdf2 (0.1.0)
    pg (0.16.0)
    sequel (3.34.1)

PLATFORMS
  ruby

DEPENDENCIES
  pg (~> 0.16.0)
  sequel (~> 3.34.1)
  veil!

BUNDLED WITH
   2.1.4
